PATH
  remote: .
  specs:
    dmc_kanye (0.0.1)

GEM
  remote: https://rubygems.org/
  specs:
    rake (10.4.2)

PLATFORMS
  ruby

DEPENDENCIES
  bundler (~> 1.9)
  dmc_kanye!
  rake (~> 10.0)
